GEM
  remote: https://rubygems.org/
  specs:
    dropbox-sdk (1.6.4)
      json
    json (1.8.2)
    macaddr (1.6.1)
      systemu (~> 2.5.0)
    rack (1.5.2)
    rack-protection (1.5.1)
      rack
    sinatra (1.4.4)
      rack (~> 1.4)
      rack-protection (~> 1.4)
      tilt (~> 1.3, >= 1.3.4)
    systemu (2.5.2)
    tilt (1.4.1)
    uuid (2.3.7)
      macaddr (~> 1.0)

PLATFORMS
  ruby

DEPENDENCIES
  dropbox-sdk
  sinatra
  uuid
